GEM
  remote: https://rubygems.org/
  specs:
    ygoprodeck (1.0.1)

PLATFORMS
  ruby

DEPENDENCIES
  ygoprodeck

BUNDLED WITH
   1.17.2
